GEM
  remote: https://rubygems.org/
  specs:
    awesome_print (1.2.0)
    commander (4.1.5)
      highline (~> 1.6.11)
    highline (1.6.20)
    ocra (1.3.1)
    term-ansicolor (1.2.2)
      tins (~> 0.8)
    terminal-table (1.4.5)
    tins (0.13.1)

PLATFORMS
  ruby

DEPENDENCIES
  awesome_print
  commander
  ocra (~> 1.3.1)
  term-ansicolor (~> 1.2.2)
  terminal-table
