GEM
  remote: https://rubygems.org/
  specs:
    awesome_print (1.2.0)
    commander (4.1.5)
      highline (~> 1.6.11)
    diff-lcs (1.2.5)
    highline (1.6.20)
    ocra (1.3.1)
    rspec (2.14.1)
      rspec-core (~> 2.14.0)
      rspec-expectations (~> 2.14.0)
      rspec-mocks (~> 2.14.0)
    rspec-core (2.14.7)
    rspec-expectations (2.14.4)
      diff-lcs (>= 1.1.3, < 2.0)
    rspec-mocks (2.14.4)
    term-ansicolor (1.2.2)
      tins (~> 0.8)
    terminal-table (1.4.5)
    tins (0.13.1)

PLATFORMS
  ruby

DEPENDENCIES
  awesome_print
  commander
  ocra (~> 1.3.1)
  rspec
  term-ansicolor (~> 1.2.2)
  terminal-table
