GEM
  remote: https://rubygems.org/
  specs:
    awesome_print (1.2.0)
    commander (4.1.5)
      highline (~> 1.6.11)
    highline (1.6.20)
    terminal-table (1.4.5)

PLATFORMS
  ruby

DEPENDENCIES
  awesome_print
  commander
  terminal-table
